GEM
  remote: https://rubygems.org/
  specs:
    Ascii85 (1.1.0)
    afm (0.2.2)
    backtrack-xpath (0.2.2)
    c32 (0.3.0)
    domain_name (0.5.20190701)
      unf (>= 0.0.5, < 1.0.0)
    drb_fileclient-reader (0.2.0)
      c32 (~> 0.3, >= 0.3.0)
    drb_fileclient-readwrite (0.1.8)
      drb_fileclient-reader (~> 0.1, >= 0.1.6)
    dynarex (1.10.0)
      dynarex-import (~> 0.2, >= 0.2.2)
      dynarex-xslt (~> 0.1, >= 0.1.7)
      recordx (~> 0.6, >= 0.6.0)
      rexslt (~> 0.8, >= 0.8.0)
      rowx (~> 0.8, >= 0.8.0)
      rxraw-lineparser (~> 0.2, >= 0.2.0)
      table-formatter (~> 0.7, >= 0.7.1)
    dynarex-import (0.2.2)
      rexslt
    dynarex-xslt (0.1.7)
    gpd-request (0.3.0)
    hashery (2.1.2)
    http-accept (1.7.0)
    http-cookie (1.0.5)
      domain_name (~> 0.5)
    kvx (1.1.3)
      line-tree (~> 0.9, >= 0.9.4)
      rxfreadwrite (~> 0.2, >= 0.2.6)
    line-tree (0.9.4)
      rexle (~> 1.5, >= 1.5.14)
    mime-types (3.4.1)
      mime-types-data (~> 3.2015)
    mime-types-data (3.2022.0105)
    netrc (0.11.0)
    nokogiri (1.14.1-x86_64-linux)
      racc (~> 1.4)
    pdf-reader (2.11.0)
      Ascii85 (~> 1.0)
      afm (~> 0.2.1)
      hashery (~> 2.0)
      ruby-rc4
      ttfunk
    racc (1.6.2)
    rdiscount (2.2.7)
    recordx (0.6.0)
      kvx (~> 1.1, >= 1.1.0)
    rest-client (2.1.0)
      http-accept (>= 1.7.0, < 2.0)
      http-cookie (>= 1.0.2, < 2.0)
      mime-types (>= 1.16, < 4.0)
      netrc (~> 0.8)
    rexle (1.5.14)
      backtrack-xpath (~> 0.1, >= 0.1.8)
      c32 (~> 0.3, >= 0.3.0)
      rexle-builder (~> 1.0, >= 1.0.3)
      rexle-css (~> 0.2, >= 0.2.0)
      rexleparser (~> 0.9, >= 0.9.8)
    rexle-builder (1.0.8)
    rexle-css (0.2.0)
    rexleparser (0.9.10)
    rexslt (0.8.0)
      rexle (~> 1.5, >= 1.5.14)
      rxfreader (~> 0.2, >= 0.2.1)
    rowx (0.8.0)
      line-tree (~> 0.9, >= 0.9.3)
    rss_creator (0.6.0)
      rss_sliml (~> 0.2, >= 0.2.0)
      rss_to_dynarex (~> 0.2, >= 0.2.0)
    rss_sliml (0.2.0)
      line-tree (~> 0.9, >= 0.9.1)
    rss_to_dynarex (0.2.1)
      dynarex (~> 1.9, >= 1.9.7)
      nokogiri (~> 1.13, >= 1.13.3)
    ruby-rc4 (0.1.5)
    rxfreader (0.3.5)
      drb_fileclient-reader (~> 0.1, >= 0.1.3)
      gpd-request (~> 0.3, >= 0.3.0)
      rest-client (~> 2.1, >= 2.1.0)
    rxfreadwrite (0.2.7)
      drb_fileclient-readwrite (~> 0.1, >= 0.1.6)
      rxfreader (~> 0.3, >= 0.3.3)
    rxraw-lineparser (0.2.0)
    table-formatter (0.7.1)
      c32 (~> 0.2, >= 0.2.0)
      rdiscount (~> 2.2, >= 2.2.0.1)
    ttfunk (1.7.0)
    unf (0.1.4)
      unf_ext
    unf_ext (0.0.8.2)

PLATFORMS
  x86_64-linux

DEPENDENCIES
  pdf-reader (~> 2.11)
  rss_creator (~> 0.6.0)

RUBY VERSION
   ruby 3.1.1p18

BUNDLED WITH
   2.3.26
